PATH
  remote: .
  specs:
    rach (0.1.0)
      ruby-openai (~> 7.3)

GEM
  remote: https://rubygems.org/
  specs:
    activesupport (7.2.1.2)
      base64
      bigdecimal
      concurrent-ruby (~> 1.0, >= 1.3.1)
      connection_pool (>= 2.2.5)
      drb
      i18n (>= 1.6, < 2)
      logger (>= 1.4.2)
      minitest (>= 5.1)
      securerandom (>= 0.3)
      tzinfo (~> 2.0, >= 2.0.5)
    addressable (2.8.7)
      public_suffix (>= 2.0.2, < 7.0)
    base64 (0.2.0)
    bigdecimal (3.1.8)
    coderay (1.1.3)
    concurrent-ruby (1.3.4)
    connection_pool (2.4.1)
    diff-lcs (1.5.1)
    dotenv (2.8.1)
    drb (2.2.1)
    event_stream_parser (1.0.0)
    faraday (2.12.0)
      faraday-net_http (>= 2.0, < 3.4)
      json
      logger
    faraday-multipart (1.0.4)
      multipart-post (~> 2)
    faraday-net_http (3.3.0)
      net-http
    i18n (1.14.6)
      concurrent-ruby (~> 1.0)
    json (2.7.4)
    json-schema (5.0.1)
      addressable (~> 2.8)
    json-schema_builder (0.8.2)
      activesupport (>= 4.0)
      json-schema (>= 2.1)
    logger (1.6.1)
    method_source (1.1.0)
    minitest (5.25.1)
    multipart-post (2.4.1)
    net-http (0.4.1)
      uri
    pry (0.14.2)
      coderay (~> 1.1)
      method_source (~> 1.0)
    public_suffix (6.0.1)
    rake (13.2.1)
    rspec (3.13.0)
      rspec-core (~> 3.13.0)
      rspec-expectations (~> 3.13.0)
      rspec-mocks (~> 3.13.0)
    rspec-core (3.13.2)
      rspec-support (~> 3.13.0)
    rspec-expectations (3.13.3)
      diff-lcs (>= 1.2.0, < 2.0)
      rspec-support (~> 3.13.0)
    rspec-mocks (3.13.2)
      diff-lcs (>= 1.2.0, < 2.0)
      rspec-support (~> 3.13.0)
    rspec-support (3.13.1)
    ruby-openai (7.3.1)
      event_stream_parser (>= 0.3.0, < 2.0.0)
      faraday (>= 1)
      faraday-multipart (>= 1)
    securerandom (0.3.1)
    tzinfo (2.0.6)
      concurrent-ruby (~> 1.0)
    uri (0.13.1)

PLATFORMS
  arm64-darwin-23
  ruby

DEPENDENCIES
  bundler (>= 1.0, < 3)
  dotenv (~> 2.8)
  json-schema_builder
  pry (~> 0.14.2)
  rach!
  rake (~> 13.0)
  rspec (~> 3.0)
  ruby-openai (~> 7.3)

BUNDLED WITH
   2.5.9
